GIT
  remote: https://github.com/ncbo/goo.git
  revision: ac4b87e33337b2b728ab4c56cffe93b8e5f85274
  branch: master
  specs:
    goo (0.0.2)
      addressable (= 2.3.5)
      pry
      rdf (= 1.0.8)
      redis
      rest-client
      rsolr
      sparql-client
      systemu
      uuid

GIT
  remote: https://github.com/ncbo/ncbo_annotator.git
  revision: 03ff84abb5982ac790eabc00811d0d83f72dbf2b
  branch: master
  specs:
    ncbo_annotator (0.0.1)
      goo
      ontologies_linked_data
      redis
      ruby-xxHash

GIT
  remote: https://github.com/ncbo/ncbo_cron.git
  revision: c1f82057266757ce5f1d0d48a8783f389c146456
  branch: master
  specs:
    ncbo_cron (0.0.1)
      dante
      goo
      google-api-client
      mlanett-redis-lock
      multi_json
      ncbo_annotator
      ontologies_linked_data
      redis
      rufus-scheduler (~> 2.0.24)

GIT
  remote: https://github.com/ncbo/ncbo_ontology_recommender.git
  revision: c7ff302b1bd0cd21307b0a1b98f6b7a7eca289af
  branch: master
  specs:
    ncbo_ontology_recommender (0.0.1)
      goo
      ncbo_annotator
      ontologies_linked_data
      redis

GIT
  remote: https://github.com/ncbo/ncbo_resolver.git
  revision: 67989c445e53e019b3b3fa4905e0aa9d519df0ed
  specs:
    ncbo_resolver (0.0.1)
      recursive-open-struct
      redis

GIT
  remote: https://github.com/ncbo/ontologies_linked_data.git
  revision: 0a7001683cb000cebbb079c229bbc133bdd33fb3
  branch: master
  specs:
    ontologies_linked_data (0.0.1)
      activesupport
      bcrypt
      goo
      json
      libxml-ruby
      multi_json
      ncbo_resource_index
      oj
      omni_logger
      pony
      rack
      rack-test
      rsolr
      rubyzip

GIT
  remote: https://github.com/ncbo/resource_index.git
  revision: 24a7f14a6da4f4a0eaba1016ca5a378dfccd7441
  specs:
    ncbo_resource_index (0.0.1)
      elasticsearch (= 2.0.0)
      mysql2 (= 0.5.2)
      pony
      ref
      ruby-xxHash
      sequel
      typhoeus

GIT
  remote: https://github.com/ncbo/sparql-client.git
  revision: 87bc0e8976519cdcdef06169556677467a10fcfc
  branch: master
  specs:
    sparql-client (1.0.1)
      json_pure (>= 1.4)
      net-http-persistent (= 2.9.4)
      rdf (>= 1.0)

GIT
  remote: https://github.com/palexander/rack-post-body-to-params.git
  revision: 0fd30e710386d0cb8a3a6833d9549d7b655d5398
  branch: multipart_support
  specs:
    rack-post-body-to-params (0.1.8)
      activesupport (>= 2.3)

GIT
  remote: https://github.com/palexander/shotgun.git
  revision: db198224aaab2e4cb9b049adccb30e387d88bc3b
  branch: ncbo
  specs:
    shotgun (0.9)
      rack (>= 1.0)

GEM
  remote: https://rubygems.org/
  specs:
    activesupport (3.2.22.5)
      i18n (~> 0.6, >= 0.6.4)
      multi_json (~> 1.0)
    addressable (2.3.5)
    airbrussh (1.4.0)
      sshkit (>= 1.6.1, != 1.7.0)
    backports (3.18.2)
    bcrypt (3.1.16)
    bigdecimal (1.4.2)
    builder (3.2.4)
    capistrano (3.14.1)
      airbrussh (>= 1.0.0)
      i18n
      rake (>= 10.0.0)
      sshkit (>= 1.9.0)
    capistrano-bundler (2.0.1)
      capistrano (~> 3.1)
    capistrano-locally (0.2.6)
      capistrano (~> 3.0)
    capistrano-rbenv (2.2.0)
      capistrano (~> 3.1)
      sshkit (~> 1.3)
    coderay (1.1.3)
    concurrent-ruby (1.1.7)
    cube-ruby (0.0.3)
    dante (0.2.0)
    declarative (0.0.20)
    declarative-option (0.1.0)
    docile (1.3.2)
    domain_name (0.5.20190701)
      unf (>= 0.0.5, < 1.0.0)
    elasticsearch (2.0.0)
      elasticsearch-api (= 2.0.0)
      elasticsearch-transport (= 2.0.0)
    elasticsearch-api (2.0.0)
      multi_json
    elasticsearch-transport (2.0.0)
      faraday
      multi_json
    ethon (0.12.0)
      ffi (>= 1.3.0)
    faraday (1.0.1)
      multipart-post (>= 1.2, < 3)
    ffi (1.13.1)
    get_process_mem (0.2.7)
      ffi (~> 1.0)
    google-api-client (0.10.3)
      addressable (~> 2.3)
      googleauth (~> 0.5)
      httpclient (~> 2.7)
      hurley (~> 0.1)
      memoist (~> 0.11)
      mime-types (>= 1.6)
      representable (~> 3.0)
      retriable (>= 2.0, < 4.0)
    googleauth (0.13.1)
      faraday (>= 0.17.3, < 2.0)
      jwt (>= 1.4, < 3.0)
      memoist (~> 0.16)
      multi_json (~> 1.11)
      os (>= 0.9, < 2.0)
      signet (~> 0.14)
    haml (5.1.2)
      temple (>= 0.8.0)
      tilt
    http-accept (1.7.0)
    http-cookie (1.0.3)
      domain_name (~> 0.5)
    httpclient (2.8.3)
    hurley (0.2)
    i18n (0.9.5)
      concurrent-ruby (~> 1.0)
    json (2.3.1)
    json-schema (2.5.0)
      addressable (~> 2.3)
    json_pure (2.3.1)
    jwt (2.2.2)
    kgio (2.11.3)
    libxml-ruby (3.2.0)
    logger (1.4.2)
    macaddr (1.7.2)
      systemu (~> 2.6.5)
    mail (2.7.1)
      mini_mime (>= 0.1.1)
    memoist (0.16.2)
    method_source (1.0.0)
    mime-types (3.3.1)
      mime-types-data (~> 3.2015)
    mime-types-data (3.2020.0512)
    mini_mime (1.0.2)
    minitest (4.7.5)
    minitest-stub_any_instance (1.0.2)
    mlanett-redis-lock (0.2.7)
      redis
    multi_json (1.15.0)
    multipart-post (2.1.1)
    mysql2 (0.5.2)
    net-http-persistent (2.9.4)
    net-scp (3.0.0)
      net-ssh (>= 2.6.5, < 7.0.0)
    net-ssh (6.1.0)
    netrc (0.11.0)
    newrelic_rpm (6.12.0.367)
    oj (2.18.5)
    omni_logger (0.1.4)
      logger
    os (1.1.1)
    parseconfig (1.0.8)
    pony (1.13.1)
      mail (>= 2.0)
    pry (0.13.1)
      coderay (~> 1.1)
      method_source (~> 1.0)
    rack (1.6.13)
    rack-accept (0.4.5)
      rack (>= 0.4)
    rack-attack (5.4.2)
      rack (>= 1.0, < 3)
    rack-cache (1.12.0)
      rack (>= 0.4)
    rack-cors (1.0.6)
      rack (>= 1.6.0)
    rack-mini-profiler (2.0.4)
      rack (>= 1.2.0)
    rack-protection (1.5.5)
      rack
    rack-test (1.1.0)
      rack (>= 1.0, < 3)
    rack-timeout (0.6.0)
    rainbows (5.2.1)
      kgio (~> 2.5)
      rack (>= 1.1, < 3.0)
      unicorn (~> 5.1)
    raindrops (0.19.1)
    rake (10.5.0)
    rdf (1.0.8)
      addressable (>= 2.2)
    recursive-open-struct (1.1.2)
    redcarpet (3.5.1)
    redis (4.2.1)
    redis-activesupport (4.1.5)
      activesupport (>= 3, < 5)
      redis-store (~> 1.1.0)
    redis-rack-cache (1.2.4)
      rack-cache (~> 1.2)
      redis-store (~> 1.1.0)
    redis-store (1.1.7)
      redis (>= 2.2)
    ref (2.0.0)
    representable (3.0.4)
      declarative (< 0.1.0)
      declarative-option (< 0.2.0)
      uber (< 0.2.0)
    rest-client (2.1.0)
      http-accept (>= 1.7.0, < 2.0)
      http-cookie (>= 1.0.2, < 2.0)
      mime-types (>= 1.16, < 4.0)
      netrc (~> 0.8)
    retriable (3.1.2)
    rsolr (2.3.0)
      builder (>= 2.1.2)
      faraday (>= 0.9.0)
    ruby-xxHash (0.4.0.1)
    rubyzip (2.3.0)
    rufus-scheduler (2.0.24)
      tzinfo (>= 0.3.22)
    sequel (5.36.0)
    signet (0.14.0)
      addressable (~> 2.3)
      faraday (>= 0.17.3, < 2.0)
      jwt (>= 1.5, < 3.0)
      multi_json (~> 1.10)
    simplecov (0.19.0)
      docile (~> 1.1)
      simplecov-html (~> 0.11)
    simplecov-html (0.12.2)
    sinatra (1.4.8)
      rack (~> 1.5)
      rack-protection (~> 1.4)
      tilt (>= 1.3, < 3)
    sinatra-advanced-routes (0.5.3)
      sinatra (~> 1.0)
    sinatra-contrib (1.4.7)
      backports (>= 2.0)
      multi_json
      rack-protection
      rack-test
      sinatra (~> 1.4.0)
      tilt (>= 1.3, < 3)
    sshkit (1.21.0)
      net-scp (>= 1.1.2)
      net-ssh (>= 2.8.0)
    systemu (2.6.5)
    temple (0.8.2)
    tilt (2.0.10)
    typhoeus (1.4.0)
      ethon (>= 0.9.0)
    tzinfo (2.0.2)
      concurrent-ruby (~> 1.0)
    uber (0.1.0)
    unf (0.1.4)
      unf_ext
    unf_ext (0.0.7.7)
    unicorn (5.6.0)
      kgio (~> 2.6)
      raindrops (~> 0.7)
    unicorn-worker-killer (0.4.4)
      get_process_mem (~> 0)
      unicorn (>= 4, < 6)
    uuid (2.3.9)
      macaddr (~> 1.0)

PLATFORMS
  ruby
  x86_64-darwin-17

DEPENDENCIES
  activesupport (~> 3.0)
  bigdecimal (= 1.4.2)
  capistrano (~> 3)
  capistrano-bundler
  capistrano-locally
  capistrano-rbenv
  cube-ruby
  ffi
  goo!
  google-api-client (~> 0.10)
  haml
  json-schema (~> 2.0)
  minitest (~> 4.0)
  minitest-stub_any_instance
  multi_json (~> 1.0)
  ncbo_annotator!
  ncbo_cron!
  ncbo_ontology_recommender!
  ncbo_resolver!
  ncbo_resource_index!
  newrelic_rpm
  oj (~> 2.0)
  ontologies_linked_data!
  parseconfig
  pry
  rack
  rack-accept (~> 0.4)
  rack-attack (~> 5.4.2)
  rack-cache (~> 1.0)
  rack-cors
  rack-mini-profiler
  rack-post-body-to-params!
  rack-test
  rack-timeout
  rainbows
  rake (~> 10.0)
  redcarpet
  redis
  redis-activesupport
  redis-rack-cache (~> 1.0)
  shotgun!
  simplecov
  sinatra (~> 1.0)
  sinatra-advanced-routes
  sinatra-contrib (~> 1.0)
  sparql-client!
  unicorn
  unicorn-worker-killer

BUNDLED WITH
   2.1.4
